PATH
  remote: .
  specs:
    hello_hayashi (0.1.3)

GEM
  remote: https://rubygems.org/
  specs:
    rake (10.5.0)

PLATFORMS
  ruby

DEPENDENCIES
  bundler (~> 2.0)
  hello_hayashi!
  rake (~> 10.0)

BUNDLED WITH
   2.0.1
